PATH
  remote: .
  specs:
    machinist (2.0)

GEM
  remote: http://rubygems.org/
  specs:
    activemodel (3.2.12)
      activesupport (= 3.2.12)
      builder (~> 3.0.0)
    activerecord (3.2.12)
      activemodel (= 3.2.12)
      activesupport (= 3.2.12)
      arel (~> 3.0.2)
      tzinfo (~> 0.3.29)
    activesupport (3.2.12)
      i18n (~> 0.6)
      multi_json (~> 1.0)
    arel (3.0.2)
    builder (3.0.4)
    diff-lcs (1.2.1)
    i18n (0.6.4)
    multi_json (1.6.1)
    mysql (2.9.1)
    rake (10.0.4)
    rdoc (4.0.0)
    rspec (2.13.0)
      rspec-core (~> 2.13.0)
      rspec-expectations (~> 2.13.0)
      rspec-mocks (~> 2.13.0)
    rspec-core (2.13.0)
    rspec-expectations (2.13.0)
      diff-lcs (>= 1.1.3, < 2.0)
    rspec-mocks (2.13.0)
    tzinfo (0.3.35)

PLATFORMS
  ruby

DEPENDENCIES
  activerecord
  machinist!
  mysql
  rake
  rdoc
  rspec
